PATH
  remote: .
  specs:
    google_weather (0.0.1)
      xml-simple

GEM
  remote: http://rubygems.org/
  specs:
    diff-lcs (1.1.3)
    rspec (2.5.0)
      rspec-core (~> 2.5.0)
      rspec-expectations (~> 2.5.0)
      rspec-mocks (~> 2.5.0)
    rspec-core (2.5.2)
    rspec-expectations (2.5.0)
      diff-lcs (~> 1.1.2)
    rspec-mocks (2.5.0)
    xml-simple (1.1.1)

PLATFORMS
  ruby

DEPENDENCIES
  google_weather!
  rspec
  xml-simple
